PATH
  remote: .
  specs:
    reclame_aqui (1.0.0)
      json (>= 2.1, < 2.3)

GEM
  remote: https://rubygems.org/
  specs:
    diff-lcs (1.3)
    docile (1.3.2)
    json (2.2.0)
    rspec (3.8.0)
      rspec-core (~> 3.8.0)
      rspec-expectations (~> 3.8.0)
      rspec-mocks (~> 3.8.0)
    rspec-core (3.8.0)
      rspec-support (~> 3.8.0)
    rspec-expectations (3.8.2)
      diff-lcs (>= 1.2.0, < 2.0)
      rspec-support (~> 3.8.0)
    rspec-mocks (3.8.0)
      diff-lcs (>= 1.2.0, < 2.0)
      rspec-support (~> 3.8.0)
    rspec-support (3.8.0)
    simplecov (0.17.0)
      docile (~> 1.1)
      json (>= 1.8, < 3)
      simplecov-html (~> 0.10.0)
    simplecov-html (0.10.2)

PLATFORMS
  ruby

DEPENDENCIES
  bundler (~> 2.0.1)
  reclame_aqui!
  rspec (~> 3.8.0)
  simplecov (~> 0.17.0)

BUNDLED WITH
   2.0.1
